GEM
  remote: https://rubygems.org/
  specs:
    async (1.17.1)
      console (~> 1.0)
      nio4r (~> 2.3)
      timers (~> 4.1)
    async-io (1.23.1)
      async (~> 1.14)
    coderay (1.1.2)
    console (1.2.4)
    google-protobuf (3.19.2)
    googleapis-common-protos-types (1.0.4)
      google-protobuf (~> 3.0)
    grpc (1.20.0)
      google-protobuf (~> 3.7)
      googleapis-common-protos-types (~> 1.0.0)
    method_source (0.9.2)
    nio4r (2.3.1)
    protocol-hpack (1.0.0)
    protocol-http (0.5.0)
    protocol-http2 (0.3.0)
      protocol-hpack (~> 1.0)
      protocol-http (~> 0.2)
    pry (0.12.2)
      coderay (~> 1.1.0)
      method_source (~> 0.9.0)
    timers (4.3.0)

PLATFORMS
  ruby

DEPENDENCIES
  async
  async-io
  grpc
  protocol-http2
  pry

BUNDLED WITH
   2.0.1
